GIT
  remote: https://github.com/CocoaPods/CLAide.git
  revision: 4cb13d48a907d8acf8d398f1104843df029def6d
  branch: master
  specs:
    claide (0.8.1)

GIT
  remote: https://github.com/CocoaPods/Core.git
  revision: a1117396e95aefc0a53398d2c9845bd5175c4cff
  branch: master
  specs:
    cocoapods-core (0.36.0)
      activesupport (>= 3.2.15)
      fuzzy_match (~> 2.0.4)
      nap (~> 0.8.0)

GIT
  remote: https://github.com/CocoaPods/Molinillo.git
  revision: 27d922dd1e700832986f54c7c486c9378e5291d4
  branch: master
  specs:
    molinillo (0.2.1)

GIT
  remote: https://github.com/CocoaPods/Xcodeproj.git
  revision: fb487113a702e7d85d38d80bbe47076129d0eab7
  branch: master
  specs:
    xcodeproj (0.23.0)
      activesupport (>= 3)
      colored (~> 1.2)

GIT
  remote: https://github.com/CocoaPods/cocoapods-downloader.git
  revision: a5a642e572937eb08097fbf65b30e1e7a3c449e9
  branch: master
  specs:
    cocoapods-downloader (0.8.1)

GIT
  remote: https://github.com/CocoaPods/cocoapods-plugins.git
  revision: 232f08701f4184a329f7a543c8fff4cf4edf1587
  branch: master
  specs:
    cocoapods-plugins (0.4.1)
      nap

GIT
  remote: https://github.com/CocoaPods/cocoapods-trunk.git
  revision: 7b05f5126000151d3975b33c5cac4bd94a8c0ac2
  branch: master
  specs:
    cocoapods-trunk (0.6.0)
      nap (>= 0.8)
      netrc (= 0.7.8)

GIT
  remote: https://github.com/CocoaPods/cocoapods-try.git
  revision: 30b22d977b440ff4ef2c467b90f4191d321dda4b
  branch: master
  specs:
    cocoapods-try (0.4.3)

PATH
  remote: .
  specs:
    cocoapods (0.36.0)
      activesupport (>= 3.2.15)
      claide (~> 0.8.1)
      cocoapods-core (= 0.36.0)
      cocoapods-downloader (~> 0.8.1)
      cocoapods-plugins (~> 0.4.1)
      cocoapods-trunk (~> 0.6.0)
      cocoapods-try (~> 0.4.3)
      colored (~> 1.2)
      escape (~> 0.0.4)
      molinillo (~> 0.2.1)
      nap (~> 0.8)
      open4 (~> 1.3)
      xcodeproj (~> 0.23.0)

GEM
  remote: http://rubygems.org/
  specs:
    activesupport (4.2.11.3)
      i18n (~> 0.7)
      minitest (~> 5.1)
      thread_safe (~> 0.3, >= 0.3.4)
      tzinfo (~> 1.1)
    addressable (2.3.6)
    ast (2.0.0)
    astrolabe (1.3.0)
      parser (>= 2.2.0.pre.3, < 3.0)
    awesome_print (1.6.1)
    bacon (1.2.0)
    clintegracon (0.6.1)
      colored (~> 1.2)
      diffy
    cocoapods-dependencies (0.4.0)
    colored (1.2)
    concurrent-ruby (1.1.9)
    crack (0.4.2)
      safe_yaml (~> 1.0.0)
    diffy (3.4.2)
    escape (0.0.4)
    ffi (1.9.6)
    fuzzy_match (2.0.4)
    i18n (0.9.5)
      concurrent-ruby (~> 1.0)
    json (2.6.1)
    kicker (3.0.0)
      listen (~> 1.3.0)
      notify (~> 0.5.2)
    listen (1.3.1)
      rb-fsevent (>= 0.9.3)
      rb-inotify (>= 0.9)
      rb-kqueue (>= 0.2)
    metaclass (0.0.4)
    minitest (5.12.0)
    mocha (1.1.0)
      metaclass (~> 0.0.1)
    mocha-on-bacon (0.2.2)
      mocha (>= 0.13.0)
    nap (0.8.0)
    netrc (0.7.8)
    notify (0.5.2)
    open4 (1.3.4)
    parser (2.2.0.3)
      ast (>= 1.1, < 3.0)
    powerpack (0.1.0)
    prettybacon (0.0.2)
      bacon (~> 1.2)
    rainbow (2.0.0)
    rake (12.3.3)
    rb-fsevent (0.9.4)
    rb-inotify (0.9.5)
      ffi (>= 0.5.0)
    rb-kqueue (0.2.3)
      ffi (>= 0.5.0)
    rubocop (0.29.1)
      astrolabe (~> 1.3)
      parser (>= 2.2.0.1, < 3.0)
      powerpack (~> 0.1)
      rainbow (>= 1.99.1, < 3.0)
      ruby-progressbar (~> 1.4)
    ruby-prof (0.15.2)
    ruby-progressbar (1.7.1)
    safe_yaml (1.0.4)
    thread_safe (0.3.6)
    tzinfo (1.2.11)
      thread_safe (~> 0.1)
    webmock (1.20.4)
      addressable (>= 2.3.6)
      crack (>= 0.3.2)

PLATFORMS
  ruby

DEPENDENCIES
  awesome_print
  bacon
  bundler (~> 1.3)
  claide!
  clintegracon
  cocoapods!
  cocoapods-core!
  cocoapods-dependencies
  cocoapods-downloader!
  cocoapods-plugins!
  cocoapods-trunk!
  cocoapods-try!
  diffy
  json (= 2.6.1)
  kicker
  mocha
  mocha-on-bacon
  molinillo!
  prettybacon
  rake
  rb-fsevent
  rubocop
  ruby-prof
  webmock
  xcodeproj!
